GEM
  remote: https://rubygems.org/
  specs:
    activesupport (3.2.14)
      i18n (~> 0.6, >= 0.6.4)
      multi_json (~> 1.0)
    chingu (0.8.1)
      crack
      gosu (>= 0.7.25)
      rest-client
    claide (0.3.2)
    cocoapods (0.23.0)
      activesupport (~> 3.2.13)
      claide (~> 0.3.2)
      cocoapods-core (= 0.23.0)
      cocoapods-downloader (~> 0.1.2)
      colored (~> 1.2)
      escape (~> 0.0.4)
      json (~> 1.8.0)
      open4 (~> 1.3.0)
      xcodeproj (~> 0.9.0)
    cocoapods-core (0.23.0)
      activesupport (~> 3.2.13)
      json (~> 1.8.0)
      nap (~> 0.5.1)
    cocoapods-downloader (0.1.2)
    coderay (1.0.9)
    colored (1.2)
    crack (0.4.1)
      safe_yaml (~> 0.9.0)
    cri (2.1.0)
    escape (0.0.4)
    faster_xml_simple (0.5.0)
      libxml-ruby (>= 0.3.8.4)
    ffi (1.9.0)
    formatador (0.2.4)
    gosu (0.7.48)
    guard (1.8.2)
      formatador (>= 0.2.4)
      listen (>= 1.0.0)
      lumberjack (>= 1.0.2)
      pry (>= 0.9.10)
      thor (>= 0.14.6)
    guard-minitest (1.1.0)
      guard (>= 1.8)
      minitest (>= 2.1)
    httpclient (2.3.4.1)
    i18n (0.6.5)
    json (1.8.0)
    libxml-ruby (2.7.0)
    listen (1.3.0)
      rb-fsevent (>= 0.9.3)
      rb-inotify (>= 0.9)
      rb-kqueue (>= 0.2)
    lumberjack (1.0.4)
    method_source (0.8.2)
    mime-types (1.24)
    mini_portile (0.5.1)
    minitest (5.0.6)
    multi_json (1.7.9)
    nap (0.5.1)
    net-github-upload (0.0.8)
      faster_xml_simple
      httpclient
      json
      nokogiri (>= 1.4.0)
    nokogiri (1.6.0)
      mini_portile (~> 0.5.0)
    ocra (1.3.1)
    open4 (1.3.0)
    pry (0.9.12.2)
      coderay (~> 1.0.5)
      method_source (~> 0.8)
      slop (~> 3.4)
    rake (0.9.2.2)
    rb-fsevent (0.9.3)
    rb-inotify (0.9.1)
      ffi (>= 0.5.0)
    rb-kqueue (0.2.0)
      ffi (>= 0.5.0)
    releasy (0.2.2)
      cri (~> 2.1.0)
      net-github-upload (~> 0.0.8)
      ocra (~> 1.3.0)
      rake (~> 0.9.2.2)
      thor (~> 0.14.6)
    rest-client (1.6.7)
      mime-types (>= 1.16)
    ruby-prof (0.13.0)
    safe_yaml (0.9.5)
    slop (3.4.6)
    texplay (0.4.3)
      gosu (>= 0.7.25)
    thor (0.14.6)
    xcodeproj (0.9.0)
      activesupport (~> 3.2.13)
      colored (~> 1.2)

PLATFORMS
  ruby

DEPENDENCIES
  chingu
  cocoapods
  gosu
  guard-minitest
  minitest
  pry
  releasy
  ruby-prof
  texplay
